GEM
  remote: http://rubygems.org/
  remote: http://gems.github.com/
  specs:
    Ascii85 (1.0.0)
    actionmailer (2.3.8)
      actionpack (= 2.3.8)
    actionpack (2.3.8)
      activesupport (= 2.3.8)
      rack (~> 1.1.0)
    active_workbench (0.0.1)
      activesupport (> 2.3.5)
      nokogiri (> 1.2.3)
      rubyzip2 (> 2.0.0)
    activerecord (2.3.8)
      activesupport (= 2.3.8)
    activeresource (2.3.8)
      activesupport (= 2.3.8)
    activesupport (2.3.8)
    addressable (2.2.6)
    builder (3.0.0)
    chronic (0.3.0)
    cucumber (0.10.2)
      builder (>= 2.1.2)
      diff-lcs (>= 1.1.2)
      gherkin (>= 2.3.5)
      json (>= 1.4.6)
      term-ansicolor (>= 1.0.5)
    cucumber-rails (0.3.2)
      cucumber (>= 0.8.0)
    daemons (1.1.3)
    database_cleaner (0.5.0)
    diff-lcs (1.1.2)
    eventmachine (0.12.10)
    exifr (1.0.5)
    faraday (0.7.5)
      addressable (~> 2.2.6)
      multipart-post (~> 1.1.3)
      rack (>= 1.1.0, < 2)
    fast_xs (0.8.0)
    fastercsv (1.5.4)
    fiveruns-memcache-client (1.5.0.5)
    flay (1.4.2)
      ruby_parser (~> 2.0)
      sexp_processor (~> 3.0)
    flog (2.5.1)
      ruby_parser (~> 2.0)
      sexp_processor (~> 3.0)
    gdata (1.1.2)
    geokit (1.5.0)
    geonames (0.2.2)
    gherkin (2.3.6)
      json (>= 1.4.6)
    highline (1.6.1)
    hoe (2.6.2)
      rake (>= 0.8.7)
      rubyforge (>= 2.0.4)
    hpricot (0.8.4)
    i18n (0.4.2)
    jscruggs-metric_fu (1.1.5)
      flay (>= 1.2.1)
      flog (>= 2.1.0)
      mojombo-chronic (>= 0.3.0)
      relevance-rcov (>= 0.8.3.3)
    json (1.5.1)
    json_pure (1.5.1)
    koala (1.2.1)
      faraday (~> 0.7.0)
      multi_json (~> 1.0)
    mail (2.3.0)
      i18n (>= 0.4.0)
      mime-types (~> 1.16)
      treetop (~> 1.4.8)
    mechanize (1.0.0)
      nokogiri (>= 1.2.1)
    memcache-client (1.8.5)
    mime-types (1.16)
    mojombo-chronic (0.3.0)
    multi_json (1.0.4)
    multipart-post (1.1.4)
    mysql (2.8.1)
    net-scp (1.0.4)
      net-ssh (>= 1.99.1)
    net-sftp (2.0.5)
      net-ssh (>= 2.0.9)
    net-ssh (2.1.4)
    net-ssh-gateway (1.1.0)
      net-ssh (>= 1.99.1)
    nokogiri (1.4.4)
    pdf-reader (0.9.2)
      Ascii85 (>= 0.9)
    polyglot (0.3.1)
    prawn (0.11.1)
      pdf-reader (>= 0.9.0)
      ttfunk (~> 1.0.0)
    prawn-core (0.8.4)
    prawn-layout (0.8.4)
    prawn-security (0.8.4)
    rack (1.1.2)
    rack-test (0.5.7)
      rack (>= 1.0)
    rails (2.3.8)
      actionmailer (= 2.3.8)
      actionpack (= 2.3.8)
      activerecord (= 2.3.8)
      activeresource (= 2.3.8)
      activesupport (= 2.3.8)
      rake (>= 0.8.3)
    rake (0.8.7)
    relevance-rcov (0.9.2.1)
    rmagick (2.13.1)
    rspec (1.3.1)
    rspec-rails (1.3.3)
      rack (>= 1.0.0)
      rspec (= 1.3.1)
    ruby-gmail (0.2.1)
      mail (>= 2.2.1)
      shared-mime-info
    ruby_parser (2.0.6)
      sexp_processor (~> 3.0)
    rubyforge (2.0.4)
      json_pure (>= 1.1.7)
    rubyzip2 (2.0.2)
    sanitize (2.0.1)
      nokogiri (~> 1.4.4)
    selenium-client (1.2.18)
    sexp_processor (3.0.5)
    shared-mime-info (0.1)
    sqlite3-ruby (1.3.1)
    term-ansicolor (1.0.5)
    treetop (1.4.9)
      polyglot (>= 0.3.1)
    ttfunk (1.0.1)
    webrat (0.7.1)
      nokogiri (>= 1.2.0)
      rack (>= 1.0)
      rack-test (>= 0.5.3)
    zip (2.0.2)

PLATFORMS
  ruby

DEPENDENCIES
  Ascii85
  active_workbench (~> 0.0.1)
  chronic
  cucumber-rails (= 0.3.2)
  daemons
  database_cleaner (= 0.5.0)
  eventmachine
  exifr
  fast_xs
  fastercsv
  fiveruns-memcache-client
  flay
  flog
  gdata
  geokit
  geonames
  highline
  hoe (= 2.6.2)
  hpricot
  i18n (~> 0.4.0)
  jscruggs-metric_fu
  json_pure
  koala
  mail
  mechanize (= 1.0.0)
  memcache-client
  mime-types
  mojombo-chronic
  mysql (= 2.8.1)
  net-scp
  net-sftp
  net-ssh
  net-ssh-gateway
  nokogiri
  pdf-reader
  polyglot
  prawn
  prawn-core
  prawn-layout
  prawn-security
  rack
  rails (= 2.3.8)
  rake (= 0.8.7)
  relevance-rcov
  rmagick (= 2.13.1)
  rspec-rails (= 1.3.3)
  ruby-gmail
  ruby_parser
  rubyforge (= 2.0.4)
  sanitize
  selenium-client (= 1.2.18)
  sexp_processor
  shared-mime-info
  sqlite3-ruby (= 1.3.1)
  treetop
  webrat (= 0.7.1)
  zip
