GEM
  remote: http://rubygems.org/
  remote: http://gems.github.com/
  specs:
    Ascii85 (1.0.0)
    actionmailer (2.3.8)
      actionpack (= 2.3.8)
    actionpack (2.3.8)
      activesupport (= 2.3.8)
      rack (~> 1.1.0)
    active_workbench (0.0.1)
      activesupport (> 2.3.5)
      nokogiri (> 1.2.3)
      rubyzip2 (> 2.0.0)
    activerecord (2.3.8)
      activesupport (= 2.3.8)
    activeresource (2.3.8)
      activesupport (= 2.3.8)
    activesupport (2.3.8)
    builder (3.0.0)
    cucumber (0.10.2)
      builder (>= 2.1.2)
      diff-lcs (>= 1.1.2)
      gherkin (>= 2.3.5)
      json (>= 1.4.6)
      term-ansicolor (>= 1.0.5)
    cucumber-rails (0.3.2)
      cucumber (>= 0.8.0)
    daemons (1.1.3)
    database_cleaner (0.5.0)
    diff-lcs (1.1.2)
    fast_xs (0.8.0)
    fastercsv (1.5.4)
    gdata (1.1.2)
    gherkin (2.3.6)
      json (>= 1.4.6)
    highline (1.6.1)
    hoe (2.6.2)
      rake (>= 0.8.7)
      rubyforge (>= 2.0.4)
    i18n (0.4.2)
    json (1.5.1)
    json_pure (1.5.1)
    mail (2.3.0)
      i18n (>= 0.4.0)
      mime-types (~> 1.16)
      treetop (~> 1.4.8)
    mime-types (1.16)
    mislav-will_paginate (2.3.11)
    mysql (2.8.1)
    net-scp (1.0.4)
      net-ssh (>= 1.99.1)
    net-sftp (2.0.5)
      net-ssh (>= 2.0.9)
    net-ssh (2.1.4)
    net-ssh-gateway (1.1.0)
      net-ssh (>= 1.99.1)
    nokogiri (1.4.4)
    polyglot (0.3.1)
    rack (1.1.2)
    rack-test (0.5.7)
      rack (>= 1.0)
    rails (2.3.8)
      actionmailer (= 2.3.8)
      actionpack (= 2.3.8)
      activerecord (= 2.3.8)
      activeresource (= 2.3.8)
      activesupport (= 2.3.8)
      rake (>= 0.8.3)
    rake (0.8.7)
    relevance-rcov (0.9.2.1)
    rspec (1.3.1)
    rspec-rails (1.3.3)
      rack (>= 1.0.0)
      rspec (= 1.3.1)
    ruby_parser (2.0.6)
      sexp_processor (~> 3.0)
    rubyforge (2.0.4)
      json_pure (>= 1.1.7)
    rubyzip2 (2.0.2)
    sanitize (2.0.1)
      nokogiri (~> 1.4.4)
    selenium-client (1.2.18)
    sexp_processor (3.0.5)
    shared-mime-info (0.1)
    sqlite3-ruby (1.3.1)
    term-ansicolor (1.0.5)
    treetop (1.4.9)
      polyglot (>= 0.3.1)
    webrat (0.7.1)
      nokogiri (>= 1.2.0)
      rack (>= 1.0)
      rack-test (>= 0.5.3)

PLATFORMS
  ruby

DEPENDENCIES
  Ascii85
  active_workbench (~> 0.0.1)
  cucumber-rails (= 0.3.2)
  daemons
  database_cleaner (= 0.5.0)
  fast_xs
  fastercsv
  gdata
  highline
  hoe (= 2.6.2)
  i18n (~> 0.4.0)
  json_pure
  mail
  mime-types
  mislav-will_paginate (~> 2.3)
  mysql (= 2.8.1)
  net-scp
  net-sftp
  net-ssh
  net-ssh-gateway
  rack
  rails (= 2.3.8)
  rake (= 0.8.7)
  relevance-rcov
  rspec-rails (= 1.3.3)
  ruby_parser
  rubyforge (= 2.0.4)
  sanitize
  selenium-client (= 1.2.18)
  sexp_processor
  shared-mime-info
  sqlite3-ruby (= 1.3.1)
  treetop
  webrat (= 0.7.1)
